GEM
  remote: https://rubygems.org/
  specs:
    Ascii85 (1.1.0)
    actioncable (6.1.7.4)
      actionpack (= 6.1.7.4)
      activesupport (= 6.1.7.4)
      nio4r (~> 2.0)
      websocket-driver (>= 0.6.1)
    actionmailbox (6.1.7.4)
      actionpack (= 6.1.7.4)
      activejob (= 6.1.7.4)
      activerecord (= 6.1.7.4)
      activestorage (= 6.1.7.4)
      activesupport (= 6.1.7.4)
      mail (>= 2.7.1)
    actionmailer (6.1.7.4)
      actionpack (= 6.1.7.4)
      actionview (= 6.1.7.4)
      activejob (= 6.1.7.4)
      activesupport (= 6.1.7.4)
      mail (~> 2.5, >= 2.5.4)
      rails-dom-testing (~> 2.0)
    actionpack (6.1.7.4)
      actionview (= 6.1.7.4)
      activesupport (= 6.1.7.4)
      rack (~> 2.0, >= 2.0.9)
      rack-test (>= 0.6.3)
      rails-dom-testing (~> 2.0)
      rails-html-sanitizer (~> 1.0, >= 1.2.0)
    actiontext (6.1.7.4)
      actionpack (= 6.1.7.4)
      activerecord (= 6.1.7.4)
      activestorage (= 6.1.7.4)
      activesupport (= 6.1.7.4)
      nokogiri (>= 1.8.5)
    actionview (6.1.7.4)
      activesupport (= 6.1.7.4)
      builder (~> 3.1)
      erubi (~> 1.4)
      rails-dom-testing (~> 2.0)
      rails-html-sanitizer (~> 1.1, >= 1.2.0)
    active_admin_import (5.0.0)
      activeadmin (>= 1.0.0)
      activerecord-import (>= 0.27)
      rchardet (>= 1.6)
      rubyzip (>= 1.2)
    activeadmin (2.12.0)
      arbre (~> 1.2, >= 1.2.1)
      formtastic (>= 3.1, < 5.0)
      formtastic_i18n (~> 0.4)
      inherited_resources (~> 1.7)
      jquery-rails (~> 4.2)
      kaminari (~> 1.0, >= 1.2.1)
      railties (>= 6.0, < 7.1)
      ransack (>= 2.1.1, < 4)
    activejob (6.1.7.4)
      activesupport (= 6.1.7.4)
      globalid (>= 0.3.6)
    activemodel (6.1.7.4)
      activesupport (= 6.1.7.4)
    activerecord (6.1.7.4)
      activemodel (= 6.1.7.4)
      activesupport (= 6.1.7.4)
    activerecord-import (1.4.1)
      activerecord (>= 4.2)
    activestorage (6.1.7.4)
      actionpack (= 6.1.7.4)
      activejob (= 6.1.7.4)
      activerecord (= 6.1.7.4)
      activesupport (= 6.1.7.4)
      marcel (~> 1.0)
      mini_mime (>= 1.1.0)
    activesupport (6.1.7.4)
      concurrent-ruby (~> 1.0, >= 1.0.2)
      i18n (>= 1.6, < 2)
      minitest (>= 5.1)
      tzinfo (~> 2.0)
      zeitwerk (~> 2.3)
    addressable (2.8.4)
      public_suffix (>= 2.0.2, < 6.0)
    afm (0.2.2)
    annotate (3.2.0)
      activerecord (>= 3.2, < 8.0)
      rake (>= 10.4, < 14.0)
    arbre (1.6.0)
      activesupport (>= 3.0.0, < 7.1)
      ruby2_keywords (>= 0.0.2, < 1.0)
    arctic_admin (4.2.3)
      activeadmin (>= 1.1.0, < 3.0)
      font-awesome-sass (~> 6.0)
    awesome_print (1.9.2)
    aws-eventstream (1.2.0)
    aws-partitions (1.785.0)
    aws-sdk-core (3.178.0)
      aws-eventstream (~> 1, >= 1.0.2)
      aws-partitions (~> 1, >= 1.651.0)
      aws-sigv4 (~> 1.5)
      jmespath (~> 1, >= 1.6.1)
    aws-sdk-kms (1.71.0)
      aws-sdk-core (~> 3, >= 3.177.0)
      aws-sigv4 (~> 1.1)
    aws-sdk-s3 (1.129.0)
      aws-sdk-core (~> 3, >= 3.177.0)
      aws-sdk-kms (~> 1)
      aws-sigv4 (~> 1.6)
    aws-sigv4 (1.6.0)
      aws-eventstream (~> 1, >= 1.0.2)
    bcrypt (3.1.19)
    bindex (0.8.1)
    bootsnap (1.16.0)
      msgpack (~> 1.2)
    builder (3.2.4)
    byebug (11.1.3)
    capybara (3.39.2)
      addressable
      matrix
      mini_mime (>= 0.1.3)
      nokogiri (~> 1.8)
      rack (>= 1.6.0)
      rack-test (>= 0.6.3)
      regexp_parser (>= 1.5, < 3.0)
      xpath (~> 3.2)
    chartkick (3.4.2)
    choice (0.2.0)
    coffee-rails (4.2.2)
      coffee-script (>= 2.2.0)
      railties (>= 4.0.0)
    coffee-script (2.4.1)
      coffee-script-source
      execjs
    coffee-script-source (1.12.2)
    concurrent-ruby (1.2.2)
    crass (1.0.6)
    date (3.3.3)
    devise (4.9.2)
      bcrypt (~> 3.0)
      orm_adapter (~> 0.1)
      railties (>= 4.1.0)
      responders
      warden (~> 1.2.3)
    docx (0.8.0)
      nokogiri (~> 1.13, >= 1.13.0)
      rubyzip (~> 2.0)
    erubi (1.12.0)
    execjs (2.8.1)
    faraday (2.7.10)
      faraday-net_http (>= 2.0, < 3.1)
      ruby2_keywords (>= 0.0.4)
    faraday-net_http (3.0.2)
    ffi (1.15.5)
    figaro (1.2.0)
      thor (>= 0.14.0, < 2)
    font-awesome-sass (6.4.0)
      sassc (~> 2.0)
    foreman (0.87.2)
    formtastic (4.0.0)
      actionpack (>= 5.2.0)
    formtastic_i18n (0.7.0)
    globalid (1.1.0)
      activesupport (>= 5.0)
    groupdate (5.2.4)
      activesupport (>= 5)
    has_scope (0.8.1)
      actionpack (>= 5.2)
      activesupport (>= 5.2)
    hashery (2.1.2)
    httparty (0.21.0)
      mini_mime (>= 1.0.0)
      multi_xml (>= 0.5.2)
    i18n (1.14.1)
      concurrent-ruby (~> 1.0)
    inherited_resources (1.13.1)
      actionpack (>= 5.2, < 7.1)
      has_scope (~> 0.6)
      railties (>= 5.2, < 7.1)
      responders (>= 2, < 4)
    jbuilder (2.11.5)
      actionview (>= 5.0.0)
      activesupport (>= 5.0.0)
    jmespath (1.6.2)
    jquery-rails (4.6.0)
      rails-dom-testing (>= 1, < 3)
      railties (>= 4.2.0)
      thor (>= 0.14, < 2.0)
    kaminari (1.2.2)
      activesupport (>= 4.1.0)
      kaminari-actionview (= 1.2.2)
      kaminari-activerecord (= 1.2.2)
      kaminari-core (= 1.2.2)
    kaminari-actionview (1.2.2)
      actionview
      kaminari-core (= 1.2.2)
    kaminari-activerecord (1.2.2)
      activerecord
      kaminari-core (= 1.2.2)
    kaminari-core (1.2.2)
    listen (3.8.0)
      rb-fsevent (~> 0.10, >= 0.10.3)
      rb-inotify (~> 0.9, >= 0.9.10)
    loofah (2.21.3)
      crass (~> 1.0.2)
      nokogiri (>= 1.12.0)
    mail (2.8.1)
      mini_mime (>= 0.1.1)
      net-imap
      net-pop
      net-smtp
    marcel (1.0.2)
    matrix (0.4.2)
    method_source (1.0.0)
    mini_mime (1.1.2)
    mini_portile2 (2.8.2)
    minitest (5.18.1)
    msgpack (1.7.1)
    multi_xml (0.6.0)
    net-imap (0.3.6)
      date
      net-protocol
    net-pop (0.1.2)
      net-protocol
    net-protocol (0.2.1)
      timeout
    net-smtp (0.3.3)
      net-protocol
    nio4r (2.5.9)
    nokogiri (1.15.3)
      mini_portile2 (~> 2.8.2)
      racc (~> 1.4)
    orm_adapter (0.5.0)
    pdf-reader (2.11.0)
      Ascii85 (~> 1.0)
      afm (~> 0.2.1)
      hashery (~> 2.0)
      ruby-rc4
      ttfunk
    pg (1.5.3)
    public_suffix (5.0.3)
    puma (5.6.6)
      nio4r (~> 2.0)
    racc (1.7.1)
    rack (2.2.7)
    rack-mini-profiler (2.3.4)
      rack (>= 1.2.0)
    rack-proxy (0.7.6)
      rack
    rack-test (2.1.0)
      rack (>= 1.3)
    rails (6.1.7.4)
      actioncable (= 6.1.7.4)
      actionmailbox (= 6.1.7.4)
      actionmailer (= 6.1.7.4)
      actionpack (= 6.1.7.4)
      actiontext (= 6.1.7.4)
      actionview (= 6.1.7.4)
      activejob (= 6.1.7.4)
      activemodel (= 6.1.7.4)
      activerecord (= 6.1.7.4)
      activestorage (= 6.1.7.4)
      activesupport (= 6.1.7.4)
      bundler (>= 1.15.0)
      railties (= 6.1.7.4)
      sprockets-rails (>= 2.0.0)
    rails-dom-testing (2.1.1)
      activesupport (>= 5.0.0)
      minitest
      nokogiri (>= 1.6)
    rails-erd (1.7.2)
      activerecord (>= 4.2)
      activesupport (>= 4.2)
      choice (~> 0.2.0)
      ruby-graphviz (~> 1.2)
    rails-html-sanitizer (1.6.0)
      loofah (~> 2.21)
      nokogiri (~> 1.14)
    railties (6.1.7.4)
      actionpack (= 6.1.7.4)
      activesupport (= 6.1.7.4)
      method_source
      rake (>= 12.2)
      thor (~> 1.0)
    rake (13.0.6)
    ransack (3.1.0)
      activerecord (>= 6.0.4)
      activesupport (>= 6.0.4)
      i18n
    rb-fsevent (0.11.2)
    rb-inotify (0.10.1)
      ffi (~> 1.0)
    rchardet (1.8.0)
    regexp_parser (2.8.1)
    responders (3.1.0)
      actionpack (>= 5.2)
      railties (>= 5.2)
    rexml (3.2.5)
    roo (2.8.3)
      nokogiri (~> 1)
      rubyzip (>= 1.3.0, < 3.0.0)
    ruby-graphviz (1.2.5)
      rexml
    ruby-rc4 (0.1.5)
    ruby2_keywords (0.0.5)
    rubyzip (2.3.2)
    sass-rails (6.0.0)
      sassc-rails (~> 2.1, >= 2.1.1)
    sassc (2.4.0)
      ffi (~> 1.9)
    sassc-rails (2.1.2)
      railties (>= 4.0.0)
      sassc (>= 2.0)
      sprockets (> 3.0)
      sprockets-rails
      tilt
    selenium-webdriver (4.9.0)
      rexml (~> 3.2, >= 3.2.5)
      rubyzip (>= 1.2.2, < 3.0)
      websocket (~> 1.0)
    semantic_range (3.0.0)
    sentry-raven (3.1.2)
      faraday (>= 1.0)
    spring (2.1.1)
    sprockets (4.2.0)
      concurrent-ruby (~> 1.0)
      rack (>= 2.2.4, < 4)
    sprockets-rails (3.4.2)
      actionpack (>= 5.2)
      activesupport (>= 5.2)
      sprockets (>= 3.0.0)
    thor (1.2.2)
    tilt (2.2.0)
    timeout (0.4.0)
    translate_enum (0.2.0)
      activesupport
    ttfunk (1.7.0)
    turbolinks (5.2.1)
      turbolinks-source (~> 5.2)
    turbolinks-source (5.2.0)
    tzinfo (2.0.6)
      concurrent-ruby (~> 1.0)
    warden (1.2.9)
      rack (>= 2.0.9)
    web-console (4.2.0)
      actionview (>= 6.0.0)
      activemodel (>= 6.0.0)
      bindex (>= 0.4.0)
      railties (>= 6.0.0)
    webdrivers (5.2.0)
      nokogiri (~> 1.6)
      rubyzip (>= 1.3.0)
      selenium-webdriver (~> 4.0)
    webpacker (5.4.4)
      activesupport (>= 5.2)
      rack-proxy (>= 0.6.1)
      railties (>= 5.2)
      semantic_range (>= 2.3.0)
    websocket (1.2.9)
    websocket-driver (0.7.5)
      websocket-extensions (>= 0.1.0)
    websocket-extensions (0.1.5)
    xpath (3.2.0)
      nokogiri (~> 1.8)
    youtube_addy (1.0.4)
    zeitwerk (2.6.8)

PLATFORMS
  ruby

DEPENDENCIES
  active_admin_import
  activeadmin
  annotate
  arctic_admin
  awesome_print
  aws-sdk-s3
  bootsnap (>= 1.4.4)
  byebug
  capybara (>= 3.26)
  chartkick
  coffee-rails (~> 4.2)
  devise
  docx
  figaro
  foreman
  groupdate
  httparty
  jbuilder (~> 2.7)
  listen (~> 3.3)
  pdf-reader
  pg
  puma (~> 5.0)
  rack-mini-profiler (~> 2.0)
  rails (~> 6.1.7, >= 6.1.7.4)
  rails-erd
  roo (~> 2.8.0)
  sass-rails (>= 6)
  selenium-webdriver (>= 4.0)
  sentry-raven
  spring
  translate_enum
  turbolinks (~> 5)
  tzinfo-data
  web-console (>= 4.1.0)
  webdrivers
  webpacker (~> 5.x)
  youtube_addy

RUBY VERSION
   ruby 2.7.7p221

BUNDLED WITH
   2.1.2
